GIT
  remote: git://github.com/myobie/dm-active_model.git
  revision: 78774f4499d63007f88b058fdd17bb4e6b4de307
  specs:
    dm-active_model (1.1.1)
      activemodel (> 3.0.4)
      dm-core (~> 1.1.0)

GIT
  remote: git://github.com/myobie/dm-rails.git
  revision: edb3fa1217d96c9b6e6314308ac5614b4f0b9b76
  specs:
    dm-rails (1.1.1)
      actionpack (> 3.0.4)
      dm-active_model (~> 1.1.0)
      dm-core (~> 1.1.0)
      railties (> 3.0.4)

GEM
  remote: http://rubygems.org/
  specs:
    actionmailer (3.1.0.rc1)
      actionpack (= 3.1.0.rc1)
      mail (~> 2.3.0)
    actionpack (3.1.0.rc1)
      activemodel (= 3.1.0.rc1)
      activesupport (= 3.1.0.rc1)
      builder (~> 3.0.0)
      erubis (~> 2.7.0)
      i18n (~> 0.6.0beta1)
      rack (~> 1.3.0.beta2)
      rack-cache (~> 1.0.1)
      rack-mount (~> 0.8.1)
      rack-test (~> 0.6.0)
      sprockets (~> 2.0.0.beta.5)
      tzinfo (~> 0.3.27)
    activemodel (3.1.0.rc1)
      activesupport (= 3.1.0.rc1)
      bcrypt-ruby (~> 2.1.4)
      builder (~> 3.0.0)
      i18n (~> 0.6.0beta1)
    activesupport (3.1.0.rc1)
      multi_json (~> 1.0)
    addressable (2.2.6)
    bcrypt-ruby (2.1.4)
    builder (3.0.0)
    coffee-script (2.2.0)
      coffee-script-source
      execjs
    coffee-script-source (1.1.1)
    data_objects (0.10.6)
      addressable (~> 2.1)
    dm-aggregates (1.1.0)
      dm-core (~> 1.1.0)
    dm-chunked_query (0.3.0)
      dm-aggregates (~> 1.0)
      dm-core (~> 1.0)
    dm-constraints (1.1.0)
      dm-core (~> 1.1.0)
    dm-core (1.1.0)
      addressable (~> 2.2.4)
    dm-do-adapter (1.1.0)
      data_objects (~> 0.10.2)
      dm-core (~> 1.1.0)
    dm-migrations (1.1.0)
      dm-core (~> 1.1.0)
    dm-mysql-adapter (1.1.0)
      dm-do-adapter (~> 1.1.0)
      do_mysql (~> 0.10.2)
    dm-observer (1.1.0)
      dm-core (~> 1.1.0)
    dm-timestamps (1.1.0)
      dm-core (~> 1.1.0)
    dm-transactions (1.1.0)
      dm-core (~> 1.1.0)
    dm-types (1.1.0)
      bcrypt-ruby (~> 2.1.4)
      dm-core (~> 1.1.0)
      fastercsv (~> 1.5.4)
      json (~> 1.4.6)
      stringex (~> 1.2.0)
      uuidtools (~> 2.1.2)
    dm-validations (1.1.0)
      dm-core (~> 1.1.0)
    do_mysql (0.10.6)
      data_objects (= 0.10.6)
    erubis (2.7.0)
    execjs (1.0.0)
      multi_json (~> 1.0)
    fastercsv (1.5.4)
    hike (1.0.0)
    i18n (0.6.0)
    jquery-rails (1.0.7)
      railties (~> 3.0)
      thor (~> 0.14)
    json (1.4.6)
    mail (2.3.0)
      i18n (>= 0.4.0)
      mime-types (~> 1.16)
      treetop (~> 1.4.8)
    mime-types (1.16)
    multi_json (1.0.3)
    polyglot (0.3.1)
    rack (1.3.0)
    rack-cache (1.0.2)
      rack (>= 0.4)
    rack-mount (0.8.1)
      rack (>= 1.0.0)
    rack-ssl (1.3.2)
      rack
    rack-test (0.6.0)
      rack (>= 1.0)
    railties (3.1.0.rc1)
      actionpack (= 3.1.0.rc1)
      activesupport (= 3.1.0.rc1)
      rack-ssl (~> 1.3.2)
      rake (>= 0.8.7)
      thor (~> 0.14.6)
    rake (0.9.0)
    sass (3.1.1)
    sprockets (2.0.0.beta.8)
      hike (~> 1.0)
      rack (~> 1.0)
      tilt (!= 1.3.0, ~> 1.1)
    stringex (1.2.1)
    thor (0.14.6)
    tilt (1.3.1)
    treetop (1.4.9)
      polyglot (>= 0.3.1)
    tzinfo (0.3.27)
    uglifier (0.5.4)
      execjs (>= 0.3.0)
      multi_json (>= 1.0.2)
    uuidtools (2.1.2)

PLATFORMS
  ruby

DEPENDENCIES
  actionmailer (~> 3.1.0.rc1)
  actionpack (~> 3.1.0.rc1)
  activesupport (~> 3.1.0.rc1)
  coffee-script
  dm-active_model!
  dm-aggregates (~> 1.1.0)
  dm-chunked_query
  dm-constraints (~> 1.1.0)
  dm-migrations (~> 1.1.0)
  dm-mysql-adapter (~> 1.1.0)
  dm-observer (~> 1.1.0)
  dm-rails!
  dm-timestamps (~> 1.1.0)
  dm-transactions (~> 1.1.0)
  dm-types (~> 1.1.0)
  dm-validations (~> 1.1.0)
  jquery-rails
  railties (~> 3.1.0.rc1)
  sass
  uglifier
